PATH
  remote: .
  specs:
    amico-db (0.1.0)
      colorize
      net-ssh (>= 6.1.0)

GEM
  remote: https://rubygems.org/
  specs:
    colorize (0.8.1)
    minitest (5.14.1)
    net-ssh (6.1.0)
    rake (13.0.1)

PLATFORMS
  ruby

DEPENDENCIES
  amico-db!
  bundler (~> 1.17)
  minitest (~> 5.0)
  rake (>= 12.3.3)

BUNDLED WITH
   1.17.3
